GEM
  remote: https://rubygems.org/
  specs:
    bson (4.15.0)
    mongo (2.5.3)
      bson (>= 4.3.0, < 5.0.0)
    multi_json (1.15.0)
    mustermann (2.0.2)
      ruby2_keywords (~> 0.0.1)
    nio4r (2.7.0)
    puma (6.4.2)
      nio4r (~> 2.0)
    rack (2.2.8)
    rack-protection (2.2.4)
      rack
    rack-ssl (1.4.1)
      rack
    ruby2_keywords (0.0.5)
    sinatra (2.2.4)
      mustermann (~> 2.0)
      rack (~> 2.2)
      rack-protection (= 2.2.4)
      tilt (~> 2.0)
    sinatra-contrib (2.2.4)
      multi_json
      mustermann (~> 2.0)
      rack-protection (= 2.2.4)
      sinatra (= 2.2.4)
      tilt (~> 2.0)
    tilt (2.3.0)

PLATFORMS
  arm64-darwin-23
  ruby

DEPENDENCIES
  bson
  mongo (~> 2.5.1)
  puma
  rack-ssl
  sinatra (~> 2.0)
  sinatra-contrib

RUBY VERSION
   ruby 3.3.0p0

BUNDLED WITH
   2.5.3
