GEM
  remote: https://rubygems.org/
  specs:
    backports (3.11.4)
    bson (4.3.0)
    bson_ext (1.5.1)
    mongo (2.5.3)
      bson (>= 4.3.0, < 5.0.0)
    multi_json (1.13.1)
    mustermann (1.0.3)
    nio4r (2.5.2)
    puma (4.3.5)
      nio4r (~> 2.0)
    rack (2.0.6)
    rack-protection (2.0.5)
      rack
    rack-ssl (1.4.1)
      rack
    sinatra (2.0.5)
      mustermann (~> 1.0)
      rack (~> 2.0)
      rack-protection (= 2.0.5)
      tilt (~> 2.0)
    sinatra-contrib (2.0.5)
      backports (>= 2.8.2)
      multi_json
      mustermann (~> 1.0)
      rack-protection (= 2.0.5)
      sinatra (= 2.0.5)
      tilt (>= 1.3, < 3)
    tilt (2.0.9)

PLATFORMS
  ruby

DEPENDENCIES
  bson_ext
  mongo (~> 2.5.1)
  puma
  rack-ssl
  sinatra (~> 2.0)
  sinatra-contrib

RUBY VERSION
   ruby 2.5.3p105

BUNDLED WITH
   1.17.1
