GEM
  remote: https://rubygems.org/
  specs:
    bson (4.3.0)
    bson_ext (1.5.1)
    mongo (2.5.3)
      bson (>= 4.3.0, < 5.0.0)
    multi_json (1.15.0)
    mustermann (1.1.1)
      ruby2_keywords (~> 0.0.1)
    nio4r (2.5.1)
    puma (4.1.0)
      nio4r (~> 2.0)
    rack (2.2.3)
    rack-protection (2.2.0)
      rack
    rack-ssl (1.4.1)
      rack
    ruby2_keywords (0.0.5)
    sinatra (2.2.0)
      mustermann (~> 1.0)
      rack (~> 2.2)
      rack-protection (= 2.2.0)
      tilt (~> 2.0)
    sinatra-contrib (2.2.0)
      multi_json
      mustermann (~> 1.0)
      rack-protection (= 2.2.0)
      sinatra (= 2.2.0)
      tilt (~> 2.0)
    tilt (2.0.10)

PLATFORMS
  ruby

DEPENDENCIES
  bson_ext
  mongo (~> 2.5.1)
  puma
  rack-ssl
  sinatra (~> 2.2)
  sinatra-contrib

RUBY VERSION
   ruby 2.5.3p105

BUNDLED WITH
   1.17.1
